GEM
  remote: https://rubygems.org/
  specs:
    haml (6.1.1)
      temple (>= 0.8.2)
      thor
      tilt
    hashie (5.0.0)
    inflecto (0.0.2)
    nio4r (2.5.8)
    oj (3.14.2)
    puma (6.1.1)
      nio4r (~> 2.0)
    rack (2.2.6.4)
    roda (3.65.0)
      rack
    temple (0.10.0)
    thor (1.2.1)
    tilt (2.1.0)

PLATFORMS
  ruby

DEPENDENCIES
  haml
  hashie
  inflecto
  oj
  puma
  rack (~> 2.2)
  roda

BUNDLED WITH
   2.4.1
