GEM
  remote: https://rubygems.org/
  specs:
    haml (6.1.2)
      temple (>= 0.8.2)
      thor
      tilt
    inflecto (0.0.2)
    nio4r (2.5.9)
    oj (3.16.1)
    puma (6.4.0)
      nio4r (~> 2.0)
    rack (2.2.8)
    roda (3.72.0)
      rack
    temple (0.10.2)
    thor (1.2.2)
    tilt (2.3.0)

PLATFORMS
  ruby

DEPENDENCIES
  haml
  inflecto
  oj
  puma
  rack (~> 2.0)
  roda

BUNDLED WITH
   2.4.13
